PATH
  remote: .
  specs:
    orion6_rep (0.2.1)
      afd_parser
      rake (>= 0.8.7)
      system-getifaddrs

GEM
  remote: http://rubygems.org/
  specs:
    afd_parser (0.1.2)
      rake (>= 0.8.7)
    byebug (3.2.0)
      columnize (~> 0.8)
      debugger-linecache (~> 1.2)
    columnize (0.8.9)
    debugger-linecache (1.2.0)
    rake (10.3.2)
    system-getifaddrs (0.2.1)

PLATFORMS
  ruby

DEPENDENCIES
  byebug
  orion6_rep!
