PATH
  remote: .
  specs:
    orion6_rep (0.2.6)
      afd_parser
      rake (>= 0.8.7)
      system-getifaddrs

GEM
  remote: http://rubygems.org/
  specs:
    afd_parser (0.2.1)
      rake (>= 0.8.7)
    byebug (10.0.2)
    rake (12.3.1)
    system-getifaddrs (0.2.1)

PLATFORMS
  ruby

DEPENDENCIES
  byebug
  orion6_rep!

BUNDLED WITH
   1.16.0
