PATH
  remote: .
  specs:
    orion6_rep (0.1.2)
      afd_parser
      rake (>= 0.8.7)
      system-getifaddrs

GEM
  remote: http://rubygems.org/
  specs:
    afd_parser (0.1.1)
      rake (>= 0.8.7)
    columnize (0.3.6)
    debugger (1.5.0)
      columnize (>= 0.3.1)
      debugger-linecache (~> 1.2.0)
      debugger-ruby_core_source (~> 1.2.0)
    debugger-linecache (1.2.0)
    debugger-ruby_core_source (1.2.0)
    rake (10.0.4)
    system-getifaddrs (0.1.5)

PLATFORMS
  ruby

DEPENDENCIES
  debugger
  orion6_rep!
