PATH
  remote: .
  specs:
    orion6_rep (0.2.6)
      afd_parser
      rake (>= 0.8.7)
      system-getifaddrs

GEM
  remote: http://rubygems.org/
  specs:
    afd_parser (0.2.1)
      rake (>= 0.8.7)
    byebug (11.0.1)
    power_assert (1.1.4)
    rake (12.3.3)
    system-getifaddrs (0.2.1)
    test-unit (3.3.3)
      power_assert

PLATFORMS
  ruby

DEPENDENCIES
  byebug
  orion6_rep!
  test-unit

BUNDLED WITH
   1.17.1
